GEM
  remote: https://rubygems.org/
  specs:
    bourbon (3.1.8)
      sass (>= 3.2.0)
      thor
    gibbon (0.4.6)
      httparty
      multi_json (>= 1.3.4)
    httparty (0.11.0)
      multi_json (~> 1.0)
      multi_xml (>= 0.5.2)
    multi_json (1.7.7)
    multi_xml (0.5.4)
    neat (1.3.0)
      bourbon (>= 2.1)
      sass (>= 3.2)
    rack (1.5.2)
    rack-protection (1.5.0)
      rack
    rack-server-pages (0.0.6)
      rack
    sass (3.2.9)
    sinatra (1.4.3)
      rack (~> 1.4)
      rack-protection (~> 1.4)
      tilt (~> 1.3, >= 1.3.4)
    slim (2.0.0)
      temple (~> 0.6.5)
      tilt (~> 1.3, >= 1.3.3)
    temple (0.6.5)
    thor (0.18.1)
    tilt (1.4.1)

PLATFORMS
  ruby

DEPENDENCIES
  bourbon
  gibbon
  neat
  rack
  rack-server-pages
  sinatra
  slim
  tilt
